GEM
  remote: https://rubygems.org/
  specs:
    coderay (1.1.0)
    method_source (0.8.2)
    phonelib (0.4.9)
    pry (0.9.12.6)
      coderay (~> 1.0)
      method_source (~> 0.8)
      slop (~> 3.4)
    sequel (4.9.0)
    slop (3.5.0)
    sqlite3 (1.3.9)

PLATFORMS
  ruby

DEPENDENCIES
  phonelib
  pry
  sequel
  sqlite3
